GIT
  remote: https://github.com/killphi/robot-vim.git
  revision: a30a832926b93108b1008de515a8ead1ab910179
  branch: fix_weird_behavior
  specs:
    robot-vim (2.0.1)
      uuid (~> 2.3.1)

GEM
  remote: https://rubygems.org/
  specs:
    archive-tar-minitar (0.5.2)
    builder (3.2.2)
    cucumber (1.3.17)
      builder (>= 2.1.2)
      diff-lcs (>= 1.1.3)
      gherkin (~> 2.12)
      multi_json (>= 1.7.5, < 2.0)
      multi_test (>= 0.1.1)
    diff-lcs (1.2.5)
    gherkin (2.12.2)
      multi_json (~> 1.3)
    json (1.8.1)
    macaddr (1.7.1)
      systemu (~> 2.6.2)
    mime-types (2.4.2)
    multi_json (1.10.1)
    multi_test (0.1.1)
    netrc (0.8.0)
    rake (10.3.2)
    relish (0.7)
      archive-tar-minitar (>= 0.5.2)
      json (>= 1.4.6)
      rest-client (>= 1.6.1)
    rest-client (1.7.2)
      mime-types (>= 1.16, < 3.0)
      netrc (~> 0.7)
    rspec (3.1.0)
      rspec-core (~> 3.1.0)
      rspec-expectations (~> 3.1.0)
      rspec-mocks (~> 3.1.0)
    rspec-core (3.1.7)
      rspec-support (~> 3.1.0)
    rspec-expectations (3.1.2)
      diff-lcs (>= 1.2.0, < 2.0)
      rspec-support (~> 3.1.0)
    rspec-mocks (3.1.3)
      rspec-support (~> 3.1.0)
    rspec-support (3.1.2)
    systemu (2.6.4)
    uuid (2.3.7)
      macaddr (~> 1.0)

PLATFORMS
  ruby

DEPENDENCIES
  cucumber
  rake
  relish
  robot-vim!
  rspec
